GEM
  remote: https://rubygems.org/
  specs:
    chronic (0.10.2)
    dotenv (2.2.1)
    faraday (0.12.1)
      multipart-post (>= 1.2, < 3)
    httparty (0.15.5)
      multi_xml (>= 0.5.2)
    imgur-api (0.0.4)
      httparty
    jwt (1.5.6)
    libxml-ruby (3.0.0)
    multi_xml (0.6.0)
    multipart-post (2.0.0)
    rmagick (2.16.0)
    sequel (4.47.0)
    twilio-ruby (5.0.0.rc24)
      faraday (~> 0.9)
      jwt (~> 1.5)
      libxml-ruby (= 3.0.0)
    whenever (0.9.7)
      chronic (>= 0.6.3)

PLATFORMS
  ruby

DEPENDENCIES
  dotenv
  imgur-api
  rmagick
  sequel
  twilio-ruby (~> 5.0.0.rc21)
  whenever

BUNDLED WITH
   1.15.1
